FRAMEWORK: >= NET451
NUGET
  remote: https://www.nuget.org/api/v2
    AsyncIO (0.1.20)
    Chessie (0.6)
      FSharp.Core
    FAKE (4.41.6)
    FSharp.Compiler.Service (8.0)
      System.Collections.Immutable (>= 1.2)
      System.Reflection.Metadata (>= 1.4.1-beta-24227-04)
    FSharp.Core (4.0.0.1)
    Mono.Cecil (0.9.6.4)
    NetMQ (3.3.3.4)
      AsyncIO (>= 0.1.20)
    Newtonsoft.Json (9.0.1)
    Paket.Core (3.23.2)
      Chessie (>= 0.6)
      FSharp.Core
      Mono.Cecil
      Newtonsoft.Json
    System.Collections.Immutable (1.2)
    System.Reflection.Metadata (1.4.1-beta-24430-01)
      System.Collections.Immutable (>= 1.2)
    xunit (2.1)
      xunit.assert (2.1)
      xunit.core (2.1)
    xunit.abstractions (2.0)
    xunit.assert (2.1)
    xunit.core (2.1)
      xunit.extensibility.core (2.1)
      xunit.extensibility.execution (2.1)
    xunit.extensibility.core (2.1)
      xunit.abstractions (2.0)
    xunit.extensibility.execution (2.1)
      xunit.extensibility.core (2.1)
    xunit.runner.console (2.1)

GROUP Docs
FRAMEWORK: >= NET451
NUGET
  remote: https://www.nuget.org/api/v2
    FSharp.Compiler.Service (2.0.0.6)
    FSharp.Formatting (2.14.4)
      FSharp.Compiler.Service (2.0.0.6)
      FSharpVSPowerTools.Core (>= 2.3 < 2.4)
    FSharpVSPowerTools.Core (2.3)
      FSharp.Compiler.Service (>= 2.0.0.3)
